PATH
  remote: .
  specs:
    fear-rspec (0.3.0)
      fear (>= 1.0.0)
      rspec (~> 3.0)

GEM
  remote: https://rubygems.org/
  specs:
    ast (2.4.0)
    diff-lcs (1.3)
    fear (1.1.0)
      lru_redux
      treetop
    jaro_winkler (1.5.3)
    lru_redux (1.1.0)
    parallel (1.18.0)
    parser (2.6.5.0)
      ast (~> 2.4.0)
    polyglot (0.3.5)
    rainbow (3.0.0)
    rake (12.3.3)
    rspec (3.9.0)
      rspec-core (~> 3.9.0)
      rspec-expectations (~> 3.9.0)
      rspec-mocks (~> 3.9.0)
    rspec-core (3.9.0)
      rspec-support (~> 3.9.0)
    rspec-expectations (3.9.0)
      diff-lcs (>= 1.2.0, < 2.0)
      rspec-support (~> 3.9.0)
    rspec-mocks (3.9.0)
      diff-lcs (>= 1.2.0, < 2.0)
      rspec-support (~> 3.9.0)
    rspec-support (3.9.0)
    rubocop (0.75.1)
      jaro_winkler (~> 1.5.1)
      parallel (~> 1.10)
      parser (>= 2.6)
      rainbow (>= 2.2.2, < 4.0)
      ruby-progressbar (~> 1.7)
      unicode-display_width (>= 1.4.0, < 1.7)
    rubocop-rspec (1.35.0)
      rubocop (>= 0.60.0)
    ruby-progressbar (1.10.1)
    treetop (1.6.10)
      polyglot (~> 0.3)
    unicode-display_width (1.6.0)

PLATFORMS
  ruby

DEPENDENCIES
  bundler (~> 1.13)
  fear-rspec!
  rake (~> 12.3)
  rubocop (= 0.75.1)
  rubocop-rspec (= 1.35.0)

BUNDLED WITH
   1.17.3
